GEM
  remote: http://rubygems.org/
  specs:
    activemodel (3.2.15)
      activesupport (= 3.2.15)
      builder (~> 3.0.0)
    activerecord (3.2.15)
      activemodel (= 3.2.15)
      activesupport (= 3.2.15)
      arel (~> 3.0.2)
      tzinfo (~> 0.3.29)
    activesupport (3.2.15)
      i18n (~> 0.6, >= 0.6.4)
      multi_json (~> 1.0)
    arel (3.0.3)
    builder (3.0.4)
    diff-lcs (1.1.3)
    git (1.2.5)
    i18n (0.6.5)
    jeweler (1.6.4)
      bundler (~> 1.0)
      git (>= 1.2.5)
      rake
    multi_json (1.8.2)
    pg (0.17.0)
    polyamorous (0.5.0)
      activerecord (~> 3.0)
    rake (10.1.0)
    rspec (2.10.0)
      rspec-core (~> 2.10.0)
      rspec-expectations (~> 2.10.0)
      rspec-mocks (~> 2.10.0)
    rspec-core (2.10.1)
    rspec-expectations (2.10.0)
      diff-lcs (~> 1.1.3)
    rspec-mocks (2.10.1)
    sqlite3 (1.3.8)
    squeel (1.0.18)
      activerecord (~> 3.0)
      activesupport (~> 3.0)
      polyamorous (~> 0.5.0)
    tzinfo (0.3.38)
    yard (0.6.8)

PLATFORMS
  ruby

DEPENDENCIES
  activerecord (>= 3.2.0)
  bundler (>= 1.2.0)
  jeweler (~> 1.6.4)
  pg
  rake
  rspec (~> 2.10.0)
  sqlite3
  squeel (~> 1.0.11)
  yard (~> 0.6.0)
